GEM
  remote: https://rubygems.org/
  specs:
    rserve-client (0.3.1)

PLATFORMS
  ruby

DEPENDENCIES
  rserve-client (= 0.3.1)

BUNDLED WITH
   1.12.5
